GEM
  remote: http://rubygems.org/
  specs:
    dalli (1.1.3)
    diff-lcs (1.1.3)
    haml (3.1.4)
    jsmin (1.0.1)
    json (1.6.3)
    memcached (1.3.5)
    mime-types (1.17.2)
    nokogiri (1.5.0)
    rack (1.3.5)
    rack-pagespeed (1.1.1)
      dalli
      jsmin
      jsmin
      memcached
      mime-types
      nokogiri
      nokogiri
      rack
      rack
    rack-protection (1.1.4)
      rack
    rspec (2.7.0)
      rspec-core (~> 2.7.0)
      rspec-expectations (~> 2.7.0)
      rspec-mocks (~> 2.7.0)
    rspec-core (2.7.1)
    rspec-expectations (2.7.0)
      diff-lcs (~> 1.1.2)
    rspec-mocks (2.7.0)
    shotgun (0.9)
      rack (>= 1.0)
    sinatra (1.3.1)
      rack (~> 1.3, >= 1.3.4)
      rack-protection (~> 1.1, >= 1.1.2)
      tilt (~> 1.3, >= 1.3.3)
    tilt (1.3.3)

PLATFORMS
  ruby

DEPENDENCIES
  haml
  json
  rack-pagespeed (~> 1.1.1)
  rspec
  shotgun
  sinatra
