GEM
  remote: http://rubygems.org/
  specs:
    dalli (1.1.3)
    haml (3.1.4)
    jsmin (1.0.1)
    json (1.6.3)
    memcached (1.3.5)
    mime-types (1.17.2)
    nokogiri (1.5.0)
    rack (1.3.5)
    rack-pagespeed (1.1.1)
      dalli
      jsmin
      jsmin
      memcached
      mime-types
      nokogiri
      nokogiri
      rack
      rack
    rack-protection (1.1.4)
      rack
    sinatra (1.3.1)
      rack (~> 1.3, >= 1.3.4)
      rack-protection (~> 1.1, >= 1.1.2)
      tilt (~> 1.3, >= 1.3.3)
    tilt (1.3.3)

PLATFORMS
  ruby

DEPENDENCIES
  haml
  json
  rack-pagespeed
  sinatra
