GEM
  remote: http://rubygems.org/
  specs:
    builder (3.0.4)
    haml (4.0.2)
      tilt
    rack (1.5.2)
    rack-protection (1.5.0)
      rack
    rack-subdomain (0.2.1)
      rack (>= 1.2.0, <= 2.0.0)
    rdiscount (2.0.7.1)
    sinatra (1.4.2)
      rack (~> 1.5, >= 1.5.2)
      rack-protection (~> 1.4)
      tilt (~> 1.3, >= 1.3.4)
    tilt (1.4.1)
    toto (0.4.9)
      builder
      rack
      rdiscount

PLATFORMS
  ruby

DEPENDENCIES
  haml
  rack-subdomain
  sinatra
  toto
