GEM
  remote: http://rubygems.org/
  specs:
    dalli (1.1.3)
    diff-lcs (1.1.2)
    haml (3.0.25)
    jsmin (1.0.1)
    json (1.5.1)
    memcached (1.3.5)
    mime-types (1.17.2)
    nokogiri (1.5.0)
    rack (1.2.2)
    rack-pagespeed (1.1.1)
      dalli
      jsmin
      jsmin
      memcached
      mime-types
      nokogiri
      nokogiri
      rack
      rack
    rspec (2.5.0)
      rspec-core (~> 2.5.0)
      rspec-expectations (~> 2.5.0)
      rspec-mocks (~> 2.5.0)
    rspec-core (2.5.1)
    rspec-expectations (2.5.0)
      diff-lcs (~> 1.1.2)
    rspec-mocks (2.5.0)
    shotgun (0.9)
      rack (>= 1.0)
    sinatra (1.2.1)
      rack (~> 1.1)
      tilt (>= 1.2.2, < 2.0)
    tilt (1.2.2)

PLATFORMS
  ruby

DEPENDENCIES
  haml
  json
  rack-pagespeed
  rspec
  shotgun
  sinatra
